PATH
  remote: ..
  specs:
    botground (0.1.0)
      sidekiq (>= 6.0)
      sinatra (>= 2.0)
      slack-ruby-client (>= 0.14)

GEM
  remote: https://rubygems.org/
  specs:
    activesupport (6.1.2.1)
      concurrent-ruby (~> 1.0, >= 1.0.2)
      i18n (>= 1.6, < 2)
      minitest (>= 5.1)
      tzinfo (~> 2.0)
      zeitwerk (~> 2.3)
    ast (2.4.2)
    ast_utils (0.4.0)
      parser (>= 2.7.0)
    concurrent-ruby (1.1.8)
    connection_pool (2.2.3)
    dotenv (2.7.6)
    faraday (1.3.0)
      faraday-net_http (~> 1.0)
      multipart-post (>= 1.2, < 3)
      ruby2_keywords
    faraday-net_http (1.0.1)
    faraday_middleware (1.0.0)
      faraday (~> 1.0)
    ffi (1.14.2)
    gli (2.20.0)
    hashie (4.1.0)
    i18n (1.8.9)
      concurrent-ruby (~> 1.0)
    language_server-protocol (3.15.0.1)
    listen (3.4.1)
      rb-fsevent (~> 0.10, >= 0.10.3)
      rb-inotify (~> 0.9, >= 0.9.10)
    minitest (5.14.3)
    multipart-post (2.1.1)
    mustermann (1.1.1)
      ruby2_keywords (~> 0.0.1)
    nio4r (2.5.5)
    parser (3.0.0.0)
      ast (~> 2.4.1)
    puma (5.2.1)
      nio4r (~> 2.0)
    rack (2.2.3)
    rack-protection (2.1.0)
      rack
    rainbow (3.0.0)
    rb-fsevent (0.10.4)
    rb-inotify (0.10.1)
      ffi (~> 1.0)
    rbs (1.0.6)
    redis (4.2.5)
    ruby2_keywords (0.0.4)
    sidekiq (6.1.3)
      connection_pool (>= 2.2.2)
      rack (~> 2.0)
      redis (>= 4.2.0)
    sinatra (2.1.0)
      mustermann (~> 1.0)
      rack (~> 2.2)
      rack-protection (= 2.1.0)
      tilt (~> 2.0)
    slack-ruby-client (0.16.0)
      faraday (>= 1.0)
      faraday_middleware
      gli
      hashie
      websocket-driver
    steep (0.41.0)
      activesupport (>= 5.1)
      ast_utils (>= 0.4.0)
      language_server-protocol (~> 3.15.0.1)
      listen (~> 3.0)
      parser (>= 2.7)
      rainbow (>= 2.2.2, < 4.0)
      rbs (~> 1.0.3)
    tilt (2.0.10)
    tzinfo (2.0.4)
      concurrent-ruby (~> 1.0)
    websocket-driver (0.7.3)
      websocket-extensions (>= 0.1.0)
    websocket-extensions (0.1.5)
    zeitwerk (2.4.2)

PLATFORMS
  ruby

DEPENDENCIES
  botground!
  dotenv (>= 2.7)
  minitest (>= 5.14.2)
  puma (>= 5.1.1)
  sidekiq (>= 6.0)
  sinatra (>= 2.0)
  steep (>= 0.39.0)

BUNDLED WITH
   2.2.3
